GIT
  remote: http://github.com/eedrummer/qrda_generator.git
  revision: 1353c24b932c2e861d62c9cefc6b4e2e3b78aaed
  specs:
    qrda_generator (0.1.0)
      health-data-standards (~> 2.1.4)
      hqmf-parser (~> 1.0.6)
      log4r (~> 1.1.10)
      mongoid (~> 3.0.6)
      nokogiri (~> 1.5.5)
      uuid (~> 2.3.5)

GIT
  remote: http://github.com/pophealth/quality-measure-engine.git
  revision: b7d75d0e75b30e00eebb3f875ad409ec1f1a32c8
  branch: develop
  specs:
    quality-measure-engine (2.1.0)
      delayed_job_mongoid (~> 2.0.0)
      mongoid (~> 3.0.9)
      moped (~> 1.2.7)
      nokogiri (~> 1.5.5)
      rubyXL (~> 1.2.10)
      rubyzip (~> 0.9.9)

GIT
  remote: https://github.com/pophealth/hqmf-parser.git
  revision: f201412aa2f7acac392c2e8f6088284569ce1162
  branch: develop
  specs:
    hqmf-parser (1.0.6)
      google-spreadsheet-ruby (= 0.1.8)
      roo (= 1.10.1)
      rubyzip
      spreadsheet (= 0.6.8)

GIT
  remote: https://github.com/pophealth/hqmf2js.git
  revision: e395c15b4258d81139d9e0597f9ce27b6feba24e
  branch: develop
  specs:
    hqmf2js (1.1.0)
      coffee-script (~> 2.2.0)
      nokogiri (~> 1.5.5)
      sprockets (~> 2.2.2)
      tilt (~> 1.3.3)

GIT
  remote: https://github.com/pophealth/patientapi.git
  revision: f6eb87d32655a1c7f614c7e5797805d844b3d219
  branch: develop
  specs:
    hquery-patient-api (0.1.0)

GIT
  remote: https://github.com/pophealth/test-patient-generator.git
  revision: d51d04637ef68ddf71b818c0188b5dd823fdb321
  branch: develop
  specs:
    test-patient-generator (1.0.2)

GIT
  remote: https://github.com/projectcypress/health-data-standards.git
  revision: 7283481cac90c10e1c1e3e54b0f10086cb6d227a
  branch: develop
  specs:
    health-data-standards (2.1.4)
      activesupport (~> 3.2.9)
      builder (~> 3.0.0)
      erubis (~> 2.7.0)
      mongoid (~> 3.0.14)
      nokogiri (~> 1.5.5)
      rest-client (~> 1.6.7)
      uuid (~> 2.3.5)

GEM
  remote: https://rubygems.org/
  specs:
    actionmailer (3.2.9)
      actionpack (= 3.2.9)
      mail (~> 2.4.4)
    actionpack (3.2.9)
      activemodel (= 3.2.9)
      activesupport (= 3.2.9)
      builder (~> 3.0.0)
      erubis (~> 2.7.0)
      journey (~> 1.0.4)
      rack (~> 1.4.0)
      rack-cache (~> 1.2)
      rack-test (~> 0.6.1)
      sprockets (~> 2.2.1)
    activemodel (3.2.9)
      activesupport (= 3.2.9)
      builder (~> 3.0.0)
    activerecord (3.2.9)
      activemodel (= 3.2.9)
      activesupport (= 3.2.9)
      arel (~> 3.0.2)
      tzinfo (~> 0.3.29)
    activeresource (3.2.9)
      activemodel (= 3.2.9)
      activesupport (= 3.2.9)
    activesupport (3.2.9)
      i18n (~> 0.6)
      multi_json (~> 1.0)
    ansi (1.4.3)
    arel (3.0.2)
    bcrypt-ruby (3.0.1)
    bcrypt-ruby (3.0.1-java)
    builder (3.0.4)
    cancan (1.6.8)
    choice (0.1.6)
    coderay (1.0.8)
    coffee-rails (3.2.2)
      coffee-script (>= 2.2.0)
      railties (~> 3.2.0)
    coffee-script (2.2.0)
      coffee-script-source
      execjs
    coffee-script-source (1.4.0)
    configatron (2.9.1)
      yamler (>= 0.1.0)
    cover_me (1.2.0)
      configatron
      hashie
    delayed_job (3.0.4)
      activesupport (~> 3.0)
    delayed_job_mongoid (2.0.0)
      delayed_job (~> 3.0)
      mongoid (~> 3.0)
    devise (2.1.2)
      bcrypt-ruby (~> 3.0)
      orm_adapter (~> 0.1)
      railties (~> 3.1)
      warden (~> 1.2.1)
    erubis (2.7.0)
    execjs (1.4.0)
      multi_json (~> 1.0)
    factory_girl (4.1.0)
      activesupport (>= 3.0.0)
    faraday (0.8.4)
      multipart-post (~> 1.1)
    foreman (0.60.2)
      thor (>= 0.13.6)
    google-spreadsheet-ruby (0.1.8)
      nokogiri (>= 1.4.3.1)
      oauth (>= 0.3.6)
      oauth2 (>= 0.5.0)
    hashie (1.2.0)
    hike (1.2.1)
    httpauth (0.2.0)
    i18n (0.6.1)
    interception (0.3)
    journey (1.0.4)
    jquery-rails (2.1.4)
      railties (>= 3.0, < 5.0)
      thor (>= 0.14, < 2.0)
    jquery-ui-rails (2.0.2)
      jquery-rails
      railties (>= 3.1.0)
    json (1.7.5)
    json (1.7.5-java)
    jwt (0.1.5)
      multi_json (>= 1.0)
    libv8 (3.11.8.3)
    log4r (1.1.10)
    macaddr (1.6.1)
      systemu (~> 2.5.0)
    mail (2.4.4)
      i18n (>= 0.4.0)
      mime-types (~> 1.16)
      treetop (~> 1.4.8)
    method_source (0.8.1)
    mime-types (1.19)
    minitest (4.3.2)
    mongoid (3.0.14)
      activemodel (~> 3.1)
      moped (~> 1.1)
      origin (~> 1.0)
      tzinfo (~> 0.3.22)
    moped (1.2.9)
    multi_json (1.5.0)
    multipart-post (1.1.5)
    nokogiri (1.5.5)
    nokogiri (1.5.5-java)
    oauth (0.4.7)
    oauth2 (0.8.0)
      faraday (~> 0.8)
      httpauth (~> 0.1)
      jwt (~> 0.1.4)
      multi_json (~> 1.0)
      rack (~> 1.2)
    origin (1.0.11)
    orm_adapter (0.4.0)
    polyglot (0.3.3)
    pry (0.9.10)
      coderay (~> 1.0.5)
      method_source (~> 0.8)
      slop (~> 3.3.1)
    pry (0.9.10-java)
      coderay (~> 1.0.5)
      method_source (~> 0.8)
      slop (~> 3.3.1)
      spoon (~> 0.0)
    pry-nav (0.2.2)
      pry (~> 0.9.10)
    pry-rescue (0.13)
      interception (>= 0.3)
      pry
    rack (1.4.1)
    rack-cache (1.2)
      rack (>= 0.4)
    rack-ssl (1.3.2)
      rack
    rack-test (0.6.2)
      rack (>= 1.0)
    rails (3.2.9)
      actionmailer (= 3.2.9)
      actionpack (= 3.2.9)
      activerecord (= 3.2.9)
      activeresource (= 3.2.9)
      activesupport (= 3.2.9)
      bundler (~> 1.0)
      railties (= 3.2.9)
    railties (3.2.9)
      actionpack (= 3.2.9)
      activesupport (= 3.2.9)
      rack-ssl (~> 1.3.2)
      rake (>= 0.8.7)
      rdoc (~> 3.4)
      thor (>= 0.14.6, < 2.0)
    rake (10.0.2)
    rdoc (3.12)
      json (~> 1.4)
    ref (1.0.2)
    rest-client (1.6.7)
      mime-types (>= 1.16)
    roo (1.10.1)
      choice (>= 0.1.4)
      google-spreadsheet-ruby (>= 0.1.5)
      nokogiri (>= 1.5.0)
      rubyzip (>= 0.9.4)
      spreadsheet (> 0.6.4)
      todonotes (>= 0.1.0)
    ruby-ole (1.2.11.6)
    rubyXL (1.2.10)
    rubyzip (0.9.9)
    sass (3.2.3)
    sass-rails (3.2.5)
      railties (~> 3.2.0)
      sass (>= 3.1.10)
      tilt (~> 1.3)
    simple_form (2.0.4)
      actionpack (~> 3.0)
      activemodel (~> 3.0)
    slop (3.3.3)
    spoon (0.0.1)
    spork (0.9.2)
    spork-minitest (0.0.3)
      spork
    spreadsheet (0.6.8)
      ruby-ole (>= 1.0)
    sprockets (2.2.2)
      hike (~> 1.2)
      multi_json (~> 1.0)
      rack (~> 1.0)
      tilt (~> 1.1, != 1.3.0)
    systemu (2.5.2)
    text (1.2.1)
    therubyracer (0.11.0beta8)
      ref
    therubyrhino (2.0.1)
      therubyrhino_jar (>= 1.7.3)
    therubyrhino_jar (1.7.4)
    thor (0.16.0)
    tilt (1.3.3)
    todonotes (0.1.1)
      log4r
    treetop (1.4.12)
      polyglot
      polyglot (>= 0.3.1)
    turn (0.9.6)
      ansi
    tzinfo (0.3.35)
    uglifier (1.3.0)
      execjs (>= 0.3.0)
      multi_json (~> 1.0, >= 1.0.2)
    uuid (2.3.6)
      macaddr (~> 1.0)
    warden (1.2.1)
      rack (>= 1.0)
    yamler (0.1.0)

PLATFORMS
  java
  ruby

DEPENDENCIES
  cancan
  coderay
  coffee-rails (~> 3.2.1)
  cover_me
  devise
  factory_girl
  foreman
  health-data-standards!
  hqmf-parser!
  hqmf2js!
  hquery-patient-api!
  jquery-rails
  jquery-ui-rails
  libv8 (~> 3.11.8.3)
  minitest
  mongoid (~> 3.0.9)
  pry
  pry-nav
  pry-rescue
  qrda_generator!
  quality-measure-engine!
  rails (= 3.2.9)
  rubyXL
  sass-rails (~> 3.2.3)
  simple_form
  spork
  spork-minitest
  test-patient-generator!
  text
  therubyracer (~> 0.11.0beta5)
  therubyrhino
  turn
  uglifier (>= 1.0.3)
