GEM
  remote: https://rubygems.org/
  specs:
    actionmailer (3.2.2)
      actionpack (= 3.2.2)
      mail (~> 2.4.0)
    actionpack (3.2.2)
      activemodel (= 3.2.2)
      activesupport (= 3.2.2)
      builder (~> 3.0.0)
      erubis (~> 2.7.0)
      journey (~> 1.0.1)
      rack (~> 1.4.0)
      rack-cache (~> 1.1)
      rack-test (~> 0.6.1)
      sprockets (~> 2.1.2)
    activemodel (3.2.2)
      activesupport (= 3.2.2)
      builder (~> 3.0.0)
    activerecord (3.2.2)
      activemodel (= 3.2.2)
      activesupport (= 3.2.2)
      arel (~> 3.0.2)
      tzinfo (~> 0.3.29)
    activeresource (3.2.2)
      activemodel (= 3.2.2)
      activesupport (= 3.2.2)
    activesupport (3.2.2)
      i18n (~> 0.6)
      multi_json (~> 1.0)
    ansi (1.4.3)
    arel (3.0.2)
    bcrypt-ruby (3.0.1)
    bcrypt-ruby (3.0.1-java)
    builder (3.0.4)
    cancan (1.6.8)
    choice (0.1.6)
    coderay (1.0.8)
    coffee-rails (3.2.2)
      coffee-script (>= 2.2.0)
      railties (~> 3.2.0)
    coffee-script (2.2.0)
      coffee-script-source
      execjs
    coffee-script-source (1.4.0)
    configatron (2.9.1)
      yamler (>= 0.1.0)
    cover_me (1.2.0)
      configatron
      hashie
    delayed_job (3.0.3)
      activesupport (~> 3.0)
    delayed_job_mongoid (2.0.0)
      delayed_job (~> 3.0)
      mongoid (~> 3.0)
    devise (2.1.2)
      bcrypt-ruby (~> 3.0)
      orm_adapter (~> 0.1)
      railties (~> 3.1)
      warden (~> 1.2.1)
    erubis (2.7.0)
    execjs (1.4.0)
      multi_json (~> 1.0)
    factory_girl (4.1.0)
      activesupport (>= 3.0.0)
    faraday (0.8.4)
      multipart-post (~> 1.1)
    foreman (0.60.2)
      thor (>= 0.13.6)
    google-spreadsheet-ruby (0.1.8)
      nokogiri (>= 1.4.3.1)
      oauth (>= 0.3.6)
      oauth2 (>= 0.5.0)
    hashie (1.2.0)
    health-data-standards (2.1.2)
      builder (~> 3.0.0)
      erubis (~> 2.7.0)
      mongoid (~> 3.0.6)
      nokogiri (~> 1.5.5)
      rest-client (~> 1.6.7)
      uuid (~> 2.3.5)
    hike (1.2.1)
    hqmf-parser (1.0.3)
      google-spreadsheet-ruby (= 0.1.8)
      roo (= 1.10.1)
      rubyzip
      spreadsheet (= 0.6.8)
    hqmf2js (1.0.0)
      coffee-script (~> 2.2.0)
      nokogiri (~> 1.5.2)
      sprockets (~> 2.1.2)
      tilt (~> 1.3.3)
    hquery-patient-api (0.3.0)
    httpauth (0.2.0)
    i18n (0.6.1)
    interception (0.3)
    journey (1.0.4)
    jquery-rails (2.1.3)
      railties (>= 3.1.0, < 5.0)
      thor (~> 0.14)
    jquery-ui-rails (2.0.2)
      jquery-rails
      railties (>= 3.1.0)
    json (1.7.5)
    json (1.7.5-java)
    jwt (0.1.5)
      multi_json (>= 1.0)
    libv8 (3.11.8.3)
    log4r (1.1.10)
    macaddr (1.6.1)
      systemu (~> 2.5.0)
    mail (2.4.4)
      i18n (>= 0.4.0)
      mime-types (~> 1.16)
      treetop (~> 1.4.8)
    method_source (0.8.1)
    mime-types (1.19)
    minitest (4.1.0)
    mongoid (3.0.10)
      activemodel (~> 3.1)
      moped (~> 1.1)
      origin (~> 1.0)
      tzinfo (~> 0.3.22)
    moped (1.2.7)
    multi_json (1.3.6)
    multipart-post (1.1.5)
    nokogiri (1.5.5)
    nokogiri (1.5.5-java)
    oauth (0.4.7)
    oauth2 (0.8.0)
      faraday (~> 0.8)
      httpauth (~> 0.1)
      jwt (~> 0.1.4)
      multi_json (~> 1.0)
      rack (~> 1.2)
    origin (1.0.9)
    orm_adapter (0.4.0)
    polyglot (0.3.3)
    pry (0.9.10)
      coderay (~> 1.0.5)
      method_source (~> 0.8)
      slop (~> 3.3.1)
    pry (0.9.10-java)
      coderay (~> 1.0.5)
      method_source (~> 0.8)
      slop (~> 3.3.1)
      spoon (~> 0.0)
    pry-nav (0.2.2)
      pry (~> 0.9.10)
    pry-rescue (0.12)
      interception (>= 0.3)
      pry
    quality-measure-engine (2.0.0)
      delayed_job_mongoid (~> 2.0.0)
      mongoid (~> 3.0.9)
      moped (~> 1.2.7)
      rubyzip (~> 0.9.9)
    rack (1.4.1)
    rack-cache (1.2)
      rack (>= 0.4)
    rack-ssl (1.3.2)
      rack
    rack-test (0.6.2)
      rack (>= 1.0)
    rails (3.2.2)
      actionmailer (= 3.2.2)
      actionpack (= 3.2.2)
      activerecord (= 3.2.2)
      activeresource (= 3.2.2)
      activesupport (= 3.2.2)
      bundler (~> 1.0)
      railties (= 3.2.2)
    railties (3.2.2)
      actionpack (= 3.2.2)
      activesupport (= 3.2.2)
      rack-ssl (~> 1.3.2)
      rake (>= 0.8.7)
      rdoc (~> 3.4)
      thor (~> 0.14.6)
    rake (0.9.2.2)
    rdoc (3.12)
      json (~> 1.4)
    ref (1.0.0)
    rest-client (1.6.7)
      mime-types (>= 1.16)
    roo (1.10.1)
      choice (>= 0.1.4)
      google-spreadsheet-ruby (>= 0.1.5)
      nokogiri (>= 1.5.0)
      rubyzip (>= 0.9.4)
      spreadsheet (> 0.6.4)
      todonotes (>= 0.1.0)
    ruby-ole (1.2.11.4)
    rubyzip (0.9.9)
    sass (3.2.1)
    sass-rails (3.2.5)
      railties (~> 3.2.0)
      sass (>= 3.1.10)
      tilt (~> 1.3)
    simple_form (2.0.4)
      actionpack (~> 3.0)
      activemodel (~> 3.0)
    slop (3.3.3)
    spoon (0.0.1)
    spork (0.9.2)
    spork-minitest (0.0.3)
      spork
    spreadsheet (0.6.8)
      ruby-ole (>= 1.0)
    sprockets (2.1.3)
      hike (~> 1.2)
      rack (~> 1.0)
      tilt (~> 1.1, != 1.3.0)
    systemu (2.5.2)
    test-patient-generator (1.0.0)
    text (1.2.1)
    therubyracer (0.11.0beta8)
      ref
    therubyrhino (2.0.1)
      therubyrhino_jar (>= 1.7.3)
    therubyrhino_jar (1.7.4)
    thor (0.14.6)
    tilt (1.3.3)
    todonotes (0.1.0)
      log4r
    treetop (1.4.12)
      polyglot
      polyglot (>= 0.3.1)
    turn (0.9.6)
      ansi
    tzinfo (0.3.34)
    uglifier (1.3.0)
      execjs (>= 0.3.0)
      multi_json (~> 1.0, >= 1.0.2)
    uuid (2.3.5)
      macaddr (~> 1.0)
    warden (1.2.1)
      rack (>= 1.0)
    yamler (0.1.0)

PLATFORMS
  java
  ruby

DEPENDENCIES
  cancan
  coderay
  coffee-rails (~> 3.2.1)
  cover_me
  devise
  factory_girl
  foreman
  health-data-standards (~> 2.1.2)
  hqmf-parser (~> 1.0.3)
  hqmf2js (~> 1.0.0)
  hquery-patient-api (~> 0.3.0)
  jquery-rails
  jquery-ui-rails
  libv8 (~> 3.11.8.3)
  minitest
  mongoid (~> 3.0.9)
  pry
  pry-nav
  pry-rescue
  quality-measure-engine (~> 2.0.0)
  rails (= 3.2.2)
  sass-rails (~> 3.2.3)
  simple_form
  spork
  spork-minitest
  test-patient-generator (~> 1.0.0)
  text
  therubyracer (~> 0.11.0beta5)
  therubyrhino
  turn
  uglifier (>= 1.0.3)
